GEM
  remote: http://rubygems.org/
  specs:
    hiredis (0.4.5)
    json (1.6.5)
    rack (1.4.1)
    rack-protection (1.2.0)
      rack
    redis (2.2.2)
    ruby-hmac (0.4.0)
    sinatra (1.3.2)
      rack (~> 1.3, >= 1.3.6)
      rack-protection (~> 1.2)
      tilt (~> 1.3, >= 1.3.3)
    tilt (1.3.3)

PLATFORMS
  ruby

DEPENDENCIES
  hiredis
  json
  redis
  ruby-hmac
  sinatra
